GIT
  remote: git://github.com/where/smackr.git
  revision: d1a5ed0e734b2b6847620ba42d53ef080c38de70
  specs:
    smackr (0.0.3.a-java)

GIT
  remote: https://github.com/whitehat101/xmpp4r.git
  revision: bb29784f9ebd86c8d0fe243c8bd3f9b1a357f237
  specs:
    xmpp4r (0.5)
      nokogiri
      rdoc (> 2.4.2)

GEM
  remote: https://rubygems.org/
  specs:
    activesupport (3.0.9)
    addressable (2.2.6)
    amatch (0.2.10)
      tins (~> 0.3)
    classifier (1.3.1)
      stemmer (>= 1.0.0)
    coderay (1.0.8)
    colored (1.2)
    daemons (1.1.8)
    diff-lcs (1.1.3)
    eventmachine (0.12.10)
    eventmachine (0.12.10-java)
    faraday (0.5.7)
      addressable (~> 2.2.4)
      multipart-post (~> 1.1.0)
      rack (>= 1.1.0, < 2)
    guard (1.6.1)
      listen (>= 0.6.0)
      lumberjack (>= 1.0.2)
      pry (>= 0.9.10)
      thor (>= 0.14.6)
    guard-bundler (1.0.0)
      bundler (~> 1.0)
      guard (~> 1.1)
    guard-rspec (2.4.0)
      guard (>= 1.1)
      rspec (~> 2.11)
    hipchat (0.8.0)
      httparty
      httparty
    http_parser.rb (0.5.1)
    http_parser.rb (0.5.1-java)
    httparty (0.10.2)
      multi_json (~> 1.0)
      multi_xml (>= 0.5.2)
    json (1.7.6)
    json (1.7.6-java)
    listen (0.7.2)
    lumberjack (1.0.2)
    method_source (0.8.1)
    mime-types (1.16)
    multi_json (1.7.2)
    multi_xml (0.5.3)
    multipart-post (1.1.3)
    nokogiri (1.5.6)
    nokogiri (1.5.6-java)
    pry (0.9.11.3)
      coderay (~> 1.0.5)
      method_source (~> 0.8)
      slop (~> 3.4)
    pry (0.9.11.3-java)
      coderay (~> 1.0.5)
      method_source (~> 0.8)
      slop (~> 3.4)
      spoon (~> 0.0)
    rack (1.3.2)
    random_data (1.5.2)
    rb-fsevent (0.9.3)
    rdoc (3.12)
      json (~> 1.4)
    rspec (2.12.0)
      rspec-core (~> 2.12.0)
      rspec-expectations (~> 2.12.0)
      rspec-mocks (~> 2.12.0)
    rspec-core (2.12.2)
    rspec-expectations (2.12.1)
      diff-lcs (~> 1.1.3)
    rspec-mocks (2.12.1)
    simple_oauth (0.1.5)
    slop (3.4.3)
    spoon (0.0.1)
    spork (0.9.2)
    stemmer (1.0.1)
    thor (0.16.0)
    tinder (1.4.4)
      activesupport
      eventmachine
      faraday (~> 0.5.1)
      mime-types
      multipart-post
      twitter-stream
    tins (0.3.12)
    twitter-stream (0.1.14)
      eventmachine (>= 0.12.8)
      http_parser.rb (~> 0.5.1)
      simple_oauth (~> 0.1.4)
    twss (0.0.5)
      classifier (= 1.3.1)

PLATFORMS
  java
  ruby

DEPENDENCIES
  amatch
  colored (~> 1.2)
  daemons
  guard-bundler
  guard-rspec
  hipchat
  nokogiri
  random_data
  rb-fsevent (~> 0.9.1)
  rspec
  smackr (= 0.0.3.a)!
  spoon
  spork
  tinder
  twss
  xmpp4r!
